GEM
  remote: https://rubygems.org/
  specs:
    foreman (0.82.0)
      thor (~> 0.19.1)
    line-bot-api (1.0.0)
    thor (0.19.1)

PLATFORMS
  ruby

DEPENDENCIES
  foreman
  line-bot-api

RUBY VERSION
   ruby 2.2.6p396

BUNDLED WITH
   1.13.6
